PATH
  remote: .
  specs:
    nkeys (0.1.0)
      base32
      ed25519

GEM
  remote: https://rubygems.org/
  specs:
    base32 (0.3.2)
    diff-lcs (1.3)
    ed25519 (1.2.4)
    nats-pure (0.5.0)
    rake (12.3.1)
    rspec (3.8.0)
      rspec-core (~> 3.8.0)
      rspec-expectations (~> 3.8.0)
      rspec-mocks (~> 3.8.0)
    rspec-core (3.8.0)
      rspec-support (~> 3.8.0)
    rspec-expectations (3.8.1)
      diff-lcs (>= 1.2.0, < 2.0)
      rspec-support (~> 3.8.0)
    rspec-mocks (3.8.0)
      diff-lcs (>= 1.2.0, < 2.0)
      rspec-support (~> 3.8.0)
    rspec-support (3.8.0)

PLATFORMS
  ruby

DEPENDENCIES
  nats-pure
  nkeys!
  rake
  rspec

BUNDLED WITH
   1.16.5
